GEM
  remote: https://rubygems.org/
  specs:
    activesupport (4.2.1)
      i18n (~> 0.7)
      json (~> 1.7, >= 1.7.7)
      minitest (~> 5.1)
      thread_safe (~> 0.3, >= 0.3.4)
      tzinfo (~> 1.1)
    celluloid (0.16.0)
      timers (~> 4.0.0)
    coderay (1.1.0)
    em-websocket (0.5.1)
      eventmachine (>= 0.12.9)
      http_parser.rb (~> 0.6.0)
    eventmachine (1.0.7)
    fetcher (0.4.4)
      logutils (>= 0.6)
    ffi (1.9.8)
    formatador (0.2.5)
    gli (2.13.0)
    guard (2.12.5)
      formatador (>= 0.2.4)
      listen (~> 2.7)
      lumberjack (~> 1.0)
      nenv (~> 0.1)
      notiffany (~> 0.0)
      pry (>= 0.9.12)
      shellany (~> 0.0)
      thor (>= 0.18.1)
    guard-compat (1.2.1)
    guard-livereload (2.4.0)
      em-websocket (~> 0.5)
      guard (~> 2.8)
      multi_json (~> 1.8)
    guard-shell (0.7.1)
      guard (>= 2.0.0)
      guard-compat (~> 1.0)
    hitimes (1.2.2)
    http_parser.rb (0.6.0)
    i18n (0.7.0)
    json (1.8.2)
    kramdown (1.6.0)
    listen (2.9.0)
      celluloid (>= 0.15.2)
      rb-fsevent (>= 0.9.3)
      rb-inotify (>= 0.9)
    logutils (0.6.1)
    lumberjack (1.0.9)
    markdown (1.2.0)
      kramdown (>= 1.5.0)
      props (>= 1.1.2)
      textutils (>= 0.10.0)
    method_source (0.8.2)
    minitest (5.5.1)
    multi_json (1.11.0)
    nenv (0.2.0)
    notiffany (0.0.6)
      nenv (~> 0.1)
      shellany (~> 0.0)
    pakman (0.5.0)
      fetcher (>= 0.3.0)
      logutils (>= 0.6.0)
    props (1.1.2)
    pry (0.10.1)
      coderay (~> 1.1.0)
      method_source (~> 0.8.1)
      slop (~> 3.4)
    rb-fsevent (0.9.4)
    rb-inotify (0.9.5)
      ffi (>= 0.5.0)
    rubyzip (1.1.7)
    shellany (0.0.1)
    slideshow (2.4.1)
      gli (>= 2.5.6)
      slideshow-models (>= 2.4.0)
      slideshow-templates (>= 2.4.0)
    slideshow-models (2.5.0)
      activesupport
      logutils (>= 0.6.1)
      markdown (>= 1.2.0)
      pakman (>= 0.5.0)
      props (>= 1.1.2)
      textutils (>= 0.10.0)
    slideshow-templates (2.4.0)
    slop (3.6.0)
    textutils (1.2.0)
      activesupport
      logutils (>= 0.6.1)
      props (>= 1.1.2)
      rubyzip
    thor (0.19.1)
    thread_safe (0.3.5)
    timers (4.0.1)
      hitimes
    tzinfo (1.2.2)
      thread_safe (~> 0.1)

PLATFORMS
  ruby

DEPENDENCIES
  guard
  guard-livereload
  guard-shell
  slideshow
